GEM
  remote: http://rubygems.org/
  specs:
    ruby-fann (1.2.6)

PLATFORMS
  ruby

DEPENDENCIES
  ruby-fann

BUNDLED WITH
   1.15.2
